GIT
  remote: https://github.com/Wardrop/Scorched
  revision: 1fff64fdf818a5e4aed457b5e6b1bf899ef5b3a6
  branch: master
  specs:
    scorched (0.27)
      rack (~> 1.4)
      rack-accept (~> 0.4)
      scorched-accept (~> 0.1)
      tilt (~> 1.4)

GEM
  remote: https://rubygems.org/
  specs:
    blankslate (3.1.3)
    parslet (1.7.1)
      blankslate (>= 2.0, <= 4.0)
    rack (1.6.13)
    rack-accept (0.4.5)
      rack (>= 0.4)
    scorched-accept (0.1)
      parslet (~> 1.7)
    tilt (1.4.1)

PLATFORMS
  ruby

DEPENDENCIES
  scorched!

BUNDLED WITH
   1.12.5
