GEM
  remote: https://rubygems.org/
  specs:
    innate (2023.01.06)
      rack (~> 3.0)
    rack (3.0.7)
    rake (12.0.0)
    ramaze (2012.12.08)
      innate (>= 2012.12)
      rake

PLATFORMS
  ruby

DEPENDENCIES
  ramaze

BUNDLED WITH
   1.12.5
