GEM
  remote: https://rubygems.org/
  specs:
    rack (2.2.6.4)
    roda (2.20.0)
      rack

PLATFORMS
  ruby

DEPENDENCIES
  rack (~> 2.2)
  roda

BUNDLED WITH
   1.12.5
