GIT
  remote: https://github.com/luislavena/brooklyn
  revision: 3698aae362d68da77dd23ccf91a68ea022b48381
  branch: master
  specs:
    brooklyn (0.0.1)
      rack (>= 1.5.2, < 2.0)

GEM
  remote: https://rubygems.org/
  specs:
    rack (1.6.13)

PLATFORMS
  ruby

DEPENDENCIES
  brooklyn!
  rack

BUNDLED WITH
   1.12.5
