GEM
  remote: https://rubygems.org/
  specs:
    cuba (3.8.0)
      rack (>= 1.6.0)
    rack (3.0.4.1)

PLATFORMS
  ruby

DEPENDENCIES
  cuba

BUNDLED WITH
   1.12.5
