GIT
  remote: https://github.com/alisnic/nyny.git
  revision: 884472dac470712aaa8430cc28485475dec64d36
  specs:
    nyny (3.4.3)
      actionpack (~> 4.1.6)
      better_errors (~> 1.1.0)
      rack-contrib (~> 1.1.0)
      tilt (~> 1.4.1)

GEM
  remote: https://rubygems.org/
  specs:
    actionpack (4.1.16)
      actionview (= 4.1.16)
      activesupport (= 4.1.16)
      rack (~> 1.5.2)
      rack-test (~> 0.6.2)
    actionview (4.1.16)
      activesupport (= 4.1.16)
      builder (~> 3.1)
      erubis (~> 2.7.0)
    activesupport (4.1.16)
      i18n (~> 0.6, >= 0.6.9)
      json (~> 1.7, >= 1.7.7)
      minitest (~> 5.1)
      thread_safe (~> 0.1)
      tzinfo (~> 1.1)
    better_errors (1.1.0)
      coderay (>= 1.0.0)
      erubis (>= 2.6.6)
    builder (3.2.4)
    coderay (1.1.3)
    concurrent-ruby (1.1.10)
    erubis (2.7.0)
    i18n (0.9.5)
      concurrent-ruby (~> 1.0)
    json (1.8.6)
    minitest (5.16.2)
    rack (1.5.5)
    rack-contrib (1.1.0)
      rack (>= 0.9.1)
    rack-test (0.6.3)
      rack (>= 1.0)
    thread_safe (0.3.6)
    tilt (1.4.1)
    tzinfo (1.2.10)
      thread_safe (~> 0.1)

PLATFORMS
  ruby

DEPENDENCIES
  nyny!

BUNDLED WITH
   1.12.5
