GEM
  remote: https://rubygems.org/
  specs:
    nancy (0.3.0)
      rack
      tilt
    rack (3.0.4.2)
    tilt (2.0.5)

PLATFORMS
  ruby

DEPENDENCIES
  nancy

BUNDLED WITH
   1.12.5
