GIT
  remote: https://github.com/patriciomacadden/hobbit
  revision: 9e88cb2f2eda971ec586fc148a1d9326bc450615
  branch: master
  specs:
    hobbit (0.6.1)
      rack

GEM
  remote: https://rubygems.org/
  specs:
    rack (3.0.4.1)

PLATFORMS
  ruby

DEPENDENCIES
  hobbit!

BUNDLED WITH
   1.12.5
